GEM
  remote: https://rubygems.org/
  specs:
    coderay (1.1.2)
    daemons (1.2.4)
    dotenv (2.2.1)
    hiredis (0.6.1)
    method_source (0.8.2)
    mustermann (1.0.1)
    nest (3.1.1)
      redic
    ohm (3.1.1)
      nest (~> 3)
      redic (~> 1.5.0)
      stal
    pry (0.10.4)
      coderay (~> 1.1.0)
      method_source (~> 0.8.1)
      slop (~> 3.4)
    rack (2.0.3)
    rack-protection (2.0.0)
      rack
    redic (1.5.0)
      hiredis
    sinatra (2.0.0)
      mustermann (~> 1.0)
      rack (~> 2.0)
      rack-protection (= 2.0.0)
      tilt (~> 2.0)
    slop (3.6.0)
    stal (0.3.0)
      redic (~> 1.5)
    tilt (2.0.6)

PLATFORMS
  ruby

DEPENDENCIES
  daemons
  dotenv
  ohm
  pry
  sinatra

BUNDLED WITH
   1.13.6
